GEM
  remote: https://rubygems.org/
  specs:
    aruba (0.14.6)
      childprocess (>= 0.6.3, < 0.10.0)
      contracts (~> 0.9)
      